GEM
  remote: https://rubygems.org/
  specs:
    rack (2.2.13)

PLATFORMS
  ruby

DEPENDENCIES
  rack
